GEM
  remote: https://rubygems.org/
  specs:
    ruby2d (0.12.1)

PLATFORMS
  arm64-darwin-22

DEPENDENCIES
  ruby2d

BUNDLED WITH
   2.4.10
